GEM
  remote: https://rubygems.org/
  specs:
    little-plugger (1.1.4)
    logging (2.4.0)
      little-plugger (~> 1.1)
      multi_json (~> 1.14)
    matrix_sdk (2.8.0)
      logging (~> 2)
    multi_json (1.15.0)

PLATFORMS
  aarch64-linux
  arm64-darwin-21
  ruby

DEPENDENCIES
  matrix_sdk

BUNDLED WITH
   2.6.7
